GEM
  remote: https://rubygems.org/
  specs:
    addressable (2.8.7)
      public_suffix (>= 2.0.2, < 7.0)
    archive-zip (0.12.0)
      io-like (~> 0.3.0)
    epub-cfi (0.1.3)
      racc
    epub-parser (0.4.8)
      addressable (>= 2.3.5)
      archive-zip
      epub-cfi
      rchardet (>= 1.6.1)
      rexml
    io-like (0.3.1)
    mobi (1.0.0)
    public_suffix (6.0.1)
    racc (1.8.1)
    rchardet (1.8.0)
    rexml (3.3.4)
      strscan
    strscan (3.1.0)

PLATFORMS
  ruby
  x86_64-linux

DEPENDENCIES
  epub-parser
  mobi

BUNDLED WITH
   2.5.3
